GEM
  remote: http://rubygems.org/
  specs:
    haml (3.0.24)
    less (1.2.21)
      mutter (>= 0.4.2)
      treetop (>= 1.4.2)
    mutter (0.5.3)
    polyglot (0.3.1)
    rack (1.2.1)
    rdiscount (1.6.5)
    sinatra (1.1.0)
      rack (~> 1.1)
      tilt (~> 1.1)
    sinatra-content-for (0.2)
      sinatra
    sprockets (1.0.2)
    tilt (1.1)
    treetop (1.4.9)
      polyglot (>= 0.3.1)

PLATFORMS
  ruby

DEPENDENCIES
  haml
  less
  rdiscount
  sinatra
  sinatra-content-for
  sprockets
